GEM
  remote: https://rubygems.org/
  specs:
    atk (3.3.2)
      glib2 (= 3.3.2)
    cairo (1.16.2)
      native-package-installer (>= 1.0.3)
      pkg-config (>= 1.2.2)
    cairo-gobject (3.3.2)
      cairo (>= 1.16.2)
      glib2 (= 3.3.2)
    gdk_pixbuf2 (3.3.2)
      gio2 (= 3.3.2)
    gettext (3.2.9)
      locale (>= 2.0.5)
      text (>= 1.3.0)
    gio2 (3.3.2)
      gobject-introspection (= 3.3.2)
    glib2 (3.3.2)
      native-package-installer (>= 1.0.3)
      pkg-config (>= 1.2.2)
    gobject-introspection (3.3.2)
      glib2 (= 3.3.2)
    gtk2 (3.3.2)
      atk (= 3.3.2)
      gdk_pixbuf2 (= 3.3.2)
      pango (= 3.3.2)
    locale (2.1.2)
    native-package-installer (1.0.6)
    pango (3.3.2)
      cairo-gobject (= 3.3.2)
      gobject-introspection (= 3.3.2)
    pkg-config (1.3.4)
    rexml (3.2.0)
    text (1.3.1)

PLATFORMS
  ruby

DEPENDENCIES
  gettext
  gtk2
  rexml

BUNDLED WITH
   2.0.1
